GEM
  remote: https://rubygems.org/
  specs:
    json (1.8.0)
    mime-types (1.23)
    mini_portile (0.5.1)
    nokogiri (1.6.0)
      mini_portile (~> 0.5.0)
    psych (2.0.0)
    rest-client (1.6.7)
      mime-types (>= 1.16)
    reverse_markdown (0.4.4)
      nokogiri
    thor (0.18.1)

PLATFORMS
  ruby

DEPENDENCIES
  json
  psych
  rest-client
  reverse_markdown
  thor
