GEM
  remote: https://rubygems.org/
  specs:
    json (2.0.2)
    mini_portile2 (2.1.0)
    nokogiri (1.7.0)
      mini_portile2 (~> 2.1.0)
    psych (2.2.2)
    reverse_markdown (1.0.3)
      nokogiri
    thor (0.19.4)

PLATFORMS
  ruby

DEPENDENCIES
  json
  psych
  reverse_markdown
  thor

BUNDLED WITH
   1.12.5
